PATH
  remote: .
  specs:
    i18n-active_record (0.4.0)
      i18n (>= 0.5.0)

GEM
  remote: https://rubygems.org/
  specs:
    activemodel (6.1.7.1)
      activesupport (= 6.1.7.1)
    activerecord (6.1.7.1)
      activemodel (= 6.1.7.1)
      activesupport (= 6.1.7.1)
    activesupport (6.1.7.1)
      concurrent-ruby (~> 1.0, >= 1.0.2)
      i18n (>= 1.6, < 2)
      minitest (>= 5.1)
      tzinfo (~> 2.0)
      zeitwerk (~> 2.3)
    concurrent-ruby (1.2.3)
    i18n (1.14.4)
      concurrent-ruby (~> 1.0)
    metaclass (0.0.4)
    minitest (5.14.4)
    mocha (1.2.1)
      metaclass (~> 0.0.1)
    mysql2 (0.5.2)
    pg (0.20.0)
    rake (13.0.1)
    sqlite3 (1.3.13)
    test_declarative (0.0.5)
    tzinfo (2.0.6)
      concurrent-ruby (~> 1.0)
    zeitwerk (2.6.13)

PLATFORMS
  ruby

DEPENDENCIES
  activerecord
  bundler
  i18n-active_record!
  minitest
  mocha
  mysql2
  pg
  rake
  sqlite3
  test_declarative

BUNDLED WITH
   2.1.4
